GEM
  remote: https://rubygems.org/
  specs:
    activesupport (3.0.10)
    bson (1.1.5)
    bson_ext (1.1.5)
    haml (3.0.25)
    i18n (0.5.0)
    jnunemaker-validatable (1.8.4)
      activesupport (>= 2.3.4)
    joint (0.5.5)
      mime-types
      mongo_mapper (~> 0.8.6)
      wand (~> 0.4)
    mime-types (1.21)
    mongo (1.1.5)
      bson (>= 1.1.5)
    mongo_mapper (0.8.6)
      activesupport (>= 2.3.4)
      jnunemaker-validatable (~> 1.8.4)
      plucky (~> 0.3.6)
    plucky (0.3.7)
      mongo (~> 1.1)
    rack (1.5.2)
    rack-protection (1.4.0)
      rack
    safe_shell (1.0.2)
    sinatra (1.3.5)
      rack (~> 1.4)
      rack-protection (~> 1.3)
      tilt (~> 1.3, >= 1.3.3)
    tilt (1.3.5)
    wand (0.4)
      mime-types
      safe_shell (~> 1.0.0)

PLATFORMS
  ruby

DEPENDENCIES
  activesupport (= 3.0.10)
  bson (~> 1.1.5)
  bson_ext (~> 1.1.5)
  haml (~> 3.0.18)
  i18n (~> 0.5.0)
  joint (~> 0.5.5)
  mongo (~> 1.1)
  mongo_mapper (~> 0.8.6)
  sinatra (= 1.3.5)
